GIT
  remote: https://github.com/rwdaigle/heroku-log-parser.git
  revision: 896ad9aa541bce07906cf797acdf0f850fbe2dc5
  specs:
    heroku-log-parser (0.4.0)

GEM
  remote: https://rubygems.org/
  specs:
    aws-eventstream (1.3.0)
    aws-partitions (1.1025.0)
    aws-sdk (1.67.0)
      aws-sdk-v1 (= 1.67.0)
    aws-sdk-cloudwatchlogs (1.105.0)
      aws-sdk-core (~> 3, >= 3.210.0)
      aws-sigv4 (~> 1.5)
    aws-sdk-core (3.214.0)
      aws-eventstream (~> 1, >= 1.3.0)
      aws-partitions (~> 1, >= 1.992.0)
      aws-sigv4 (~> 1.9)
      jmespath (~> 1, >= 1.6.1)
    aws-sdk-v1 (1.67.0)
      json (~> 1.4)
      nokogiri (~> 1)
    aws-sigv4 (1.10.1)
      aws-eventstream (~> 1, >= 1.0.2)
    jmespath (1.6.2)
    json (1.8.6)
    mini_portile2 (2.8.8)
    newrelic_rpm (9.16.1)
    nio4r (2.7.4)
    nokogiri (1.17.2)
      mini_portile2 (~> 2.8.2)
      racc (~> 1.4)
    puma (6.5.0)
      nio4r (~> 2.0)
    racc (1.8.1)
    rack (3.1.8)

PLATFORMS
  ruby

DEPENDENCIES
  aws-sdk (~> 1.4)
  aws-sdk-cloudwatchlogs (~> 1)
  heroku-log-parser!
  newrelic_rpm
  nokogiri (>= 1.10.8)
  puma (>= 3.12.3)
  rack (>= 2.0.8)

RUBY VERSION
   ruby 3.1.6p260

BUNDLED WITH
   2.3.27
